PATH
  remote: .
  specs:
    abanalyzer (0.0.6)
      statistics2 (>= 0.54)

GEM
  remote: http://rubygems.org/
  specs:
    statistics2 (0.54)

PLATFORMS
  ruby

DEPENDENCIES
  abanalyzer!
